PATH
  remote: .
  specs:
    minionci (0.0.1.pre)
      bundler
      hashie
      sass
      sinatra
      sinatra-partial
      slim
      thor
      tilt (~> 1.3, >= 1.3.4)

GEM
  remote: https://rubygems.org/
  specs:
    ffi (1.9.25)
    hashie (3.6.0)
    rack (1.6.12)
    rack-protection (1.5.5)
      rack
    rake (13.0.1)
    rb-fsevent (0.10.3)
    rb-inotify (0.9.10)
      ffi (>= 0.5.0, < 2)
    sass (3.7.2)
      sass-listen (~> 4.0.0)
    sass-listen (4.0.0)
      rb-fsevent (~> 0.9, >= 0.9.4)
      rb-inotify (~> 0.9, >= 0.9.7)
    sinatra (1.4.8)
      rack (~> 1.5)
      rack-protection (~> 1.4)
      tilt (>= 1.3, < 3)
    sinatra-partial (1.0.1)
      sinatra (>= 1.4)
    slim (3.0.9)
      temple (>= 0.7.6, < 0.9)
      tilt (>= 1.3.3, < 2.1)
    temple (0.8.0)
    thor (0.20.3)
    tilt (1.4.1)

PLATFORMS
  ruby

DEPENDENCIES
  minionci!
  rake

BUNDLED WITH
   1.17.2
