PATH
  remote: .
  specs:
    minion (0.0.1.pre)
      bundler
      hashie
      sass
      sinatra
      sinatra-partial
      slim
      thor
      tilt (~> 1.3, >= 1.3.4)

GEM
  remote: https://rubygems.org/
  specs:
    hashie (2.1.1)
    rack (1.5.2)
    rack-protection (1.5.1)
      rack
    rake (10.3.1)
    sass (3.3.7)
    sinatra (1.4.4)
      rack (~> 1.4)
      rack-protection (~> 1.4)
      tilt (~> 1.3, >= 1.3.4)
    sinatra-partial (0.4.0)
      sinatra
    slim (2.0.2)
      temple (~> 0.6.6)
      tilt (>= 1.3.3, < 2.1)
    temple (0.6.7)
    thor (0.19.1)
    tilt (1.4.1)

PLATFORMS
  ruby

DEPENDENCIES
  minion!
  rake
